GEM
  remote: https://rubygems.org/
  specs:
    babel-source (5.8.35)
    babel-transpiler (0.7.0)
      babel-source (>= 4.0, < 6)
      execjs (~> 2.0)
    citrus (3.0.2)
    concurrent-ruby (1.1.4)
    diff-lcs (1.3)
    execjs (2.7.0)
    ffi (1.10.0)
    finitio (0.7.0)
      citrus (>= 2.4, < 4.0)
    mail (2.7.1)
      mini_mime (>= 0.1.1)
    mini_mime (1.0.1)
    mustache (1.1.0)
    mustermann (1.0.3)
    path (2.0.1)
    rack (2.0.6)
    rack-protection (2.0.5)
      rack
    rack-robustness (1.1.0)
    rack-test (0.6.3)
      rack (>= 1.0)
    rake (12.3.2)
    rb-fsevent (0.10.3)
    rb-inotify (0.10.0)
      ffi (~> 1.0)
    redcarpet (3.4.0)
    rspec (3.8.0)
      rspec-core (~> 3.8.0)
      rspec-expectations (~> 3.8.0)
      rspec-mocks (~> 3.8.0)
    rspec-core (3.8.0)
      rspec-support (~> 3.8.0)
    rspec-expectations (3.8.2)
      diff-lcs (>= 1.2.0, < 2.0)
      rspec-support (~> 3.8.0)
    rspec-mocks (3.8.0)
      diff-lcs (>= 1.2.0, < 2.0)
      rspec-support (~> 3.8.0)
    rspec-support (3.8.0)
    sass (3.7.3)
      sass-listen (~> 4.0.0)
    sass-listen (4.0.0)
      rb-fsevent (~> 0.9, >= 0.9.4)
      rb-inotify (~> 0.9, >= 0.9.7)
    sinatra (2.0.5)
      mustermann (~> 1.0)
      rack (~> 2.0)
      rack-protection (= 2.0.5)
      tilt (~> 2.0)
    sprockets (4.0.0.beta8)
      concurrent-ruby (~> 1.0)
      rack (> 1, < 3)
    startback (0.4.0)
      finitio (>= 0.6)
      path (>= 1.3)
      rack-robustness (~> 1.1)
      sinatra (~> 2.0)
    talktome (0.2.0)
      mail (~> 2, >= 2.6.6)
      mustache (~> 1)
      path (>= 1.3)
      redcarpet (~> 3)
    tilt (2.0.9)
    uglifier (3.2.0)
      execjs (>= 0.3.0, < 3)

PLATFORMS
  ruby

DEPENDENCIES
  babel-transpiler
  path (~> 2.0)
  rack-test (= 0.6.3)
  rake (~> 12.0)
  rspec (~> 3.7)
  sass (~> 3.4)
  sprockets (= 4.0.0.beta8)
  startback (~> 0.4.0)
  talktome (~> 0.2.0)
  uglifier (~> 3.1)

BUNDLED WITH
   1.16.0
